GEM
  remote: https://rubygems.org/
  specs:
    cool.io (1.5.0)
    foreman (0.84.0)
      thor (~> 0.19.1)
    mustermann (1.0.0)
    puma (3.8.2)
    rack (2.0.3)
    rack-cors (0.4.1)
    rack-protection (2.0.0)
      rack
    ruby-kafka (0.3.17)
    sinatra (2.0.0)
      mustermann (~> 1.0)
      rack (~> 2.0)
      rack-protection (= 2.0.0)
      tilt (~> 2.0)
    thor (0.19.4)
    tilt (2.0.7)

PLATFORMS
  ruby

DEPENDENCIES
  cool.io
  foreman
  puma
  rack-cors
  ruby-kafka
  sinatra

BUNDLED WITH
   1.14.6
